GEM
  remote: https://rubygems.org/
  specs:
    actioncable (6.1.7.4)
      actionpack (= 6.1.7.4)
      activesupport (= 6.1.7.4)
      nio4r (~> 2.0)
      websocket-driver (>= 0.6.1)
    actionmailbox (6.1.7.4)
      actionpack (= 6.1.7.4)
      activejob (= 6.1.7.4)
      activerecord (= 6.1.7.4)
      activestorage (= 6.1.7.4)
      activesupport (= 6.1.7.4)
      mail (>= 2.7.1)
    actionmailer (6.1.7.4)
      actionpack (= 6.1.7.4)
      actionview (= 6.1.7.4)
      activejob (= 6.1.7.4)
      activesupport (= 6.1.7.4)
      mail (~> 2.5, >= 2.5.4)
      rails-dom-testing (~> 2.0)
    actionpack (6.1.7.4)
      actionview (= 6.1.7.4)
      activesupport (= 6.1.7.4)
      rack (~> 2.0, >= 2.0.9)
      rack-test (>= 0.6.3)
      rails-dom-testing (~> 2.0)
      rails-html-sanitizer (~> 1.0, >= 1.2.0)
    actiontext (6.1.7.4)
      actionpack (= 6.1.7.4)
      activerecord (= 6.1.7.4)
      activestorage (= 6.1.7.4)
      activesupport (= 6.1.7.4)
      nokogiri (>= 1.8.5)
    actionview (6.1.7.4)
      activesupport (= 6.1.7.4)
      builder (~> 3.1)
      erubi (~> 1.4)
      rails-dom-testing (~> 2.0)
      rails-html-sanitizer (~> 1.1, >= 1.2.0)
    actionview-encoded_mail_to (1.0.9)
      rails
    active_storage_validations (1.0.4)
      activejob (>= 5.2.0)
      activemodel (>= 5.2.0)
      activestorage (>= 5.2.0)
      activesupport (>= 5.2.0)
    activejob (6.1.7.4)
      activesupport (= 6.1.7.4)
      globalid (>= 0.3.6)
    activemodel (6.1.7.4)
      activesupport (= 6.1.7.4)
    activerecord (6.1.7.4)
      activemodel (= 6.1.7.4)
      activesupport (= 6.1.7.4)
    activestorage (6.1.7.4)
      actionpack (= 6.1.7.4)
      activejob (= 6.1.7.4)
      activerecord (= 6.1.7.4)
      activesupport (= 6.1.7.4)
      marcel (~> 1.0)
      mini_mime (>= 1.1.0)
    activesupport (6.1.7.4)
      concurrent-ruby (~> 1.0, >= 1.0.2)
      i18n (>= 1.6, < 2)
      minitest (>= 5.1)
      tzinfo (~> 2.0)
      zeitwerk (~> 2.3)
    addressable (2.8.4)
      public_suffix (>= 2.0.2, < 6.0)
    autoprefixer-rails (10.4.13.0)
      execjs (~> 2)
    babel-source (5.8.35)
    babel-transpiler (0.7.0)
      babel-source (>= 4.0, < 6)
      execjs (~> 2.0)
    barnes (0.0.9)
      multi_json (~> 1)
      statsd-ruby (~> 1.1)
    bcrypt (3.1.19)
    bootsnap (1.16.0)
      msgpack (~> 1.2)
    bootstrap-sass (3.4.1)
      autoprefixer-rails (>= 5.2.1)
      sassc (>= 2.0.0)
    builder (3.2.4)
    cancancan (3.5.0)
    capybara (3.39.2)
      addressable
      matrix
      mini_mime (>= 0.1.3)
      nokogiri (~> 1.8)
      rack (>= 1.6.0)
      rack-test (>= 0.6.3)
      regexp_parser (>= 1.5, < 3.0)
      xpath (~> 3.2)
    caxlsx (3.4.1)
      htmlentities (~> 4.3, >= 4.3.4)
      marcel (~> 1.0)
      nokogiri (~> 1.10, >= 1.10.4)
      rubyzip (>= 1.3.0, < 3)
    caxlsx_rails (0.6.3)
      actionpack (>= 3.1)
      caxlsx (>= 3.0)
    chronic (0.10.2)
    coffee-rails (5.0.0)
      coffee-script (>= 2.2.0)
      railties (>= 5.2.0)
    coffee-script (2.4.1)
      coffee-script-source
      execjs
    coffee-script-source (1.12.2)
    concurrent-ruby (1.2.2)
    connection_pool (2.4.1)
    countries (5.5.0)
      unaccent (~> 0.3)
    country_select (8.0.1)
      countries (~> 5.0)
    crass (1.0.6)
    date (3.3.3)
    declarative (0.0.20)
    devise (4.9.2)
      bcrypt (~> 3.0)
      orm_adapter (~> 0.1)
      railties (>= 4.1.0)
      responders
      warden (~> 1.2.3)
    diff-lcs (1.5.0)
    digest-crc (0.6.5)
      rake (>= 12.0.0, < 14.0.0)
    erubi (1.12.0)
    exception_notification (4.5.0)
      actionmailer (>= 5.2, < 8)
      activesupport (>= 5.2, < 8)
    execjs (2.8.1)
    factory_bot (6.2.1)
      activesupport (>= 5.0.0)
    factory_bot_rails (6.2.0)
      factory_bot (~> 6.2.0)
      railties (>= 5.0.0)
    faraday (2.7.10)
      faraday-net_http (>= 2.0, < 3.1)
      ruby2_keywords (>= 0.0.4)
    faraday-net_http (3.0.2)
    ffi (1.15.5)
    geocoder (1.8.2)
    geokit (1.14.0)
    geokit-rails (2.5.0)
      geokit (~> 1.5)
      rails (>= 3.0)
    globalid (1.1.0)
      activesupport (>= 5.0)
    google-apis-core (0.11.1)
      addressable (~> 2.5, >= 2.5.1)
      googleauth (>= 0.16.2, < 2.a)
      httpclient (>= 2.8.1, < 3.a)
      mini_mime (~> 1.0)
      representable (~> 3.0)
      retriable (>= 2.0, < 4.a)
      rexml
      webrick
    google-apis-iamcredentials_v1 (0.17.0)
      google-apis-core (>= 0.11.0, < 2.a)
    google-apis-storage_v1 (0.19.0)
      google-apis-core (>= 0.9.0, < 2.a)
    google-cloud-core (1.6.0)
      google-cloud-env (~> 1.0)
      google-cloud-errors (~> 1.0)
    google-cloud-env (1.6.0)
      faraday (>= 0.17.3, < 3.0)
    google-cloud-errors (1.3.1)
    google-cloud-storage (1.44.0)
      addressable (~> 2.8)
      digest-crc (~> 0.4)
      google-apis-iamcredentials_v1 (~> 0.1)
      google-apis-storage_v1 (~> 0.19.0)
      google-cloud-core (~> 1.6)
      googleauth (>= 0.16.2, < 2.a)
      mini_mime (~> 1.0)
    googleauth (1.7.0)
      faraday (>= 0.17.3, < 3.a)
      jwt (>= 1.4, < 3.0)
      memoist (~> 0.16)
      multi_json (~> 1.11)
      os (>= 0.9, < 2.0)
      signet (>= 0.16, < 2.a)
    haml (6.1.1)
      temple (>= 0.8.2)
      thor
      tilt
    haml-rails (2.1.0)
      actionpack (>= 5.1)
      activesupport (>= 5.1)
      haml (>= 4.0.6)
      railties (>= 5.1)
    htmlentities (4.3.4)
    httpclient (2.8.3)
    i18n (1.14.1)
      concurrent-ruby (~> 1.0)
    i18n_rails_helpers (2.1.0)
      bootsnap
      rails (>= 6.0.0)
    image_processing (1.12.2)
      mini_magick (>= 4.9.5, < 5)
      ruby-vips (>= 2.0.17, < 3)
    jbuilder (2.11.5)
      actionview (>= 5.0.0)
      activesupport (>= 5.0.0)
    jquery-rails (4.6.0)
      rails-dom-testing (>= 1, < 3)
      railties (>= 4.2.0)
      thor (>= 0.14, < 2.0)
    jwt (2.7.1)
    launchy (2.5.2)
      addressable (~> 2.8)
    letter_opener (1.8.1)
      launchy (>= 2.2, < 3)
    listen (3.8.0)
      rb-fsevent (~> 0.10, >= 0.10.3)
      rb-inotify (~> 0.9, >= 0.9.10)
    loofah (2.21.3)
      crass (~> 1.0.2)
      nokogiri (>= 1.12.0)
    mail (2.8.1)
      mini_mime (>= 0.1.1)
      net-imap
      net-pop
      net-smtp
    marcel (1.0.2)
    matrix (0.4.2)
    memoist (0.16.2)
    method_source (1.0.0)
    mini_magick (4.12.0)
    mini_mime (1.1.2)
    minitest (5.18.1)
    msgpack (1.7.2)
    multi_json (1.15.0)
    net-imap (0.3.6)
      date
      net-protocol
    net-pop (0.1.2)
      net-protocol
    net-protocol (0.2.1)
      timeout
    net-sftp (4.0.0)
      net-ssh (>= 5.0.0, < 8.0.0)
    net-smtp (0.3.3)
      net-protocol
    net-ssh (7.1.0)
    nio4r (2.5.9)
    nokogiri (1.15.3-x86_64-linux)
      racc (~> 1.4)
    orm_adapter (0.5.0)
    os (1.1.4)
    pg (1.5.3)
    public_suffix (5.0.3)
    puma (6.3.0)
      nio4r (~> 2.0)
    racc (1.7.1)
    rack (2.2.7)
    rack-test (2.1.0)
      rack (>= 1.3)
    rails (6.1.7.4)
      actioncable (= 6.1.7.4)
      actionmailbox (= 6.1.7.4)
      actionmailer (= 6.1.7.4)
      actionpack (= 6.1.7.4)
      actiontext (= 6.1.7.4)
      actionview (= 6.1.7.4)
      activejob (= 6.1.7.4)
      activemodel (= 6.1.7.4)
      activerecord (= 6.1.7.4)
      activestorage (= 6.1.7.4)
      activesupport (= 6.1.7.4)
      bundler (>= 1.15.0)
      railties (= 6.1.7.4)
      sprockets-rails (>= 2.0.0)
    rails-controller-testing (1.0.5)
      actionpack (>= 5.0.1.rc1)
      actionview (>= 5.0.1.rc1)
      activesupport (>= 5.0.1.rc1)
    rails-dom-testing (2.1.1)
      activesupport (>= 5.0.0)
      minitest
      nokogiri (>= 1.6)
    rails-html-sanitizer (1.6.0)
      loofah (~> 2.21)
      nokogiri (~> 1.14)
    rails-i18n (7.0.7)
      i18n (>= 0.7, < 2)
      railties (>= 6.0.0, < 8)
    railties (6.1.7.4)
      actionpack (= 6.1.7.4)
      activesupport (= 6.1.7.4)
      method_source
      rake (>= 12.2)
      thor (~> 1.0)
    rake (13.0.6)
    rb-fsevent (0.11.2)
    rb-inotify (0.10.1)
      ffi (~> 1.0)
    react-rails (2.6.1)
      babel-transpiler (>= 0.7.0)
      connection_pool
      execjs
      railties (>= 3.2)
      tilt
    redcarpet (3.6.0)
    regexp_parser (2.8.1)
    representable (3.2.0)
      declarative (< 0.1.0)
      trailblazer-option (>= 0.1.1, < 0.2.0)
      uber (< 0.2.0)
    responders (3.1.0)
      actionpack (>= 5.2)
      railties (>= 5.2)
    retriable (3.1.2)
    rexml (3.2.5)
    rspec-core (3.12.2)
      rspec-support (~> 3.12.0)
    rspec-expectations (3.12.3)
      diff-lcs (>= 1.2.0, < 2.0)
      rspec-support (~> 3.12.0)
    rspec-mocks (3.12.6)
      diff-lcs (>= 1.2.0, < 2.0)
      rspec-support (~> 3.12.0)
    rspec-rails (6.0.3)
      actionpack (>= 6.1)
      activesupport (>= 6.1)
      railties (>= 6.1)
      rspec-core (~> 3.12)
      rspec-expectations (~> 3.12)
      rspec-mocks (~> 3.12)
      rspec-support (~> 3.12)
    rspec-support (3.12.1)
    ruby-vips (2.1.4)
      ffi (~> 1.12)
    ruby2_keywords (0.0.5)
    rubyzip (2.3.2)
    sassc (2.4.0)
      ffi (~> 1.9)
    sassc-rails (2.1.2)
      railties (>= 4.0.0)
      sassc (>= 2.0)
      sprockets (> 3.0)
      sprockets-rails
      tilt
    selenium-webdriver (4.10.0)
      rexml (~> 3.2, >= 3.2.5)
      rubyzip (>= 1.2.2, < 3.0)
      websocket (~> 1.0)
    shoulda-matchers (5.3.0)
      activesupport (>= 5.2.0)
    show_for (0.8.0)
      actionpack (>= 5.2)
      activemodel (>= 5.2)
    signet (0.17.0)
      addressable (~> 2.8)
      faraday (>= 0.17.5, < 3.a)
      jwt (>= 1.5, < 3.0)
      multi_json (~> 1.10)
    simple_form (5.2.0)
      actionpack (>= 5.2)
      activemodel (>= 5.2)
    sprockets (4.2.0)
      concurrent-ruby (~> 1.0)
      rack (>= 2.2.4, < 4)
    sprockets-rails (3.4.2)
      actionpack (>= 5.2)
      activesupport (>= 5.2)
      sprockets (>= 3.0.0)
    statsd-ruby (1.5.0)
    temple (0.10.2)
    thor (1.2.2)
    tilt (2.2.0)
    timeliness (0.4.5)
    timeout (0.4.0)
    trailblazer-option (0.1.2)
    tzinfo (2.0.6)
      concurrent-ruby (~> 1.0)
    uber (0.1.0)
    uglifier (4.2.0)
      execjs (>= 0.3.0, < 3)
    unaccent (0.4.0)
    validates_timeliness (6.0.1)
      activemodel (>= 6.0.0, < 7)
      timeliness (>= 0.3.10, < 1)
    warden (1.2.9)
      rack (>= 2.0.9)
    webrick (1.8.1)
    websocket (1.2.9)
    websocket-driver (0.7.6)
      websocket-extensions (>= 0.1.0)
    websocket-extensions (0.1.5)
    whenever (1.0.0)
      chronic (>= 0.6.3)
    xpath (3.2.0)
      nokogiri (~> 1.8)
    zeitwerk (2.6.9)

PLATFORMS
  x86_64-linux

DEPENDENCIES
  actionview-encoded_mail_to
  active_storage_validations
  barnes
  bootstrap-sass
  cancancan
  capybara
  caxlsx
  caxlsx_rails
  coffee-rails
  countries
  country_select
  devise
  exception_notification
  factory_bot
  factory_bot_rails
  geocoder
  geokit-rails
  google-cloud-storage
  haml-rails
  i18n_rails_helpers
  image_processing
  jbuilder
  jquery-rails
  letter_opener
  listen
  net-imap
  net-pop
  net-sftp
  net-smtp
  pg
  puma
  rails (~> 6.1)
  rails-controller-testing
  rails-i18n
  react-rails (= 2.6.1)
  redcarpet
  responders
  rspec-rails
  sassc-rails
  selenium-webdriver
  shoulda-matchers
  show_for
  simple_form
  uglifier
  validates_timeliness
  whenever

RUBY VERSION
   ruby 3.1.2p20

BUNDLED WITH
   2.3.13
